PATH
  remote: .
  specs:
    tesseract (0.0.1)

GEM
  remote: http://rubygems.org/
  specs:
    mocha (0.9.12)
    rake (0.8.7)
    shoulda (2.11.3)

PLATFORMS
  ruby

DEPENDENCIES
  bundler (>= 1.0.0)
  mocha (~> 0.9.12)
  rake (~> 0.8.7)
  shoulda (~> 2.11.3)
  tesseract!
